GEM
  remote: http://rubygems.org/
  specs:
    commonjs (0.2.7)
    git (1.4.0)
    github-markup (2.0.0)
    less (2.6.0)
      commonjs (~> 0.2.7)
    libv8 (3.16.14.19)
    mustermann (1.0.2)
    rack (2.0.5)
    rack-protection (2.0.3)
      rack
    rack-test (1.0.0)
      rack (>= 1.0, < 3)
    rake (12.3.1)
    rdiscount (2.2.0.1)
    rdoc (6.0.4)
    ref (2.0.0)
    sinatra (2.0.3)
      mustermann (~> 1.0)
      rack (~> 2.0)
      rack-protection (= 2.0.3)
      tilt (~> 2.0)
    therubyracer (0.12.3)
      libv8 (~> 3.16.14.15)
      ref
    tilt (2.0.8)

PLATFORMS
  ruby

DEPENDENCIES
  git
  github-markup
  less
  libv8
  rack-test
  rake
  rdiscount
  rdoc
  sinatra
  therubyracer (>= 0.12.3)

BUNDLED WITH
   1.16.2
